GEM
  remote: https://rubygems.org/
  specs:
    coderay (1.1.3)
    concurrent-ruby (1.2.2)
    dentaku (3.5.1)
      concurrent-ruby
    gnuplot (2.6.2)
    matrix (0.4.2)
    method_source (1.0.0)
    pry (0.14.2)
      coderay (~> 1.1)
      method_source (~> 1.0)

PLATFORMS
  x86_64-linux

DEPENDENCIES
  dentaku (~> 3.5, >= 3.5.1)
  gnuplot (~> 2.6, >= 2.6.2)
  matrix
  pry (~> 0.14.2)

BUNDLED WITH
   2.4.1
