GEM
  remote: https://rubygems.org/
  specs:
    date (3.3.4)
    nokogiri (1.15.4-x86_64-linux)
      racc (~> 1.4)
    open-uri (0.4.0)
      stringio
      time
      uri
    racc (1.7.3)
    stringio (3.0.9)
    time (0.3.0)
      date
    uri (0.13.0)

PLATFORMS
  x86_64-linux

DEPENDENCIES
  nokogiri
  open-uri

BUNDLED WITH
   2.4.1
